GIT
  remote: git://github.com/MichaelWhi/acts_as_votable.git
  revision: cf21c867472c74044d6396144e8c82edadbf0e43
  branch: rails4
  specs:
    acts_as_votable (0.5.0)
      rails (>= 3.2.11)

GIT
  remote: git://github.com/MichaelWhi/tweet-button.git
  revision: b49e0b416a26ff57d16e9b9681f446c09ec38fc3
  specs:
    tweet-button (0.2.0)

GIT
  remote: git://github.com/justinfrench/formtastic.git
  revision: 5bae8c33d72f064ec4a34024a4e23f2acd3aca06
  specs:
    formtastic (2.3.0.rc2)
      actionpack (>= 3.0)

GIT
  remote: git://github.com/littlebtc/font-awesome-sass-rails.git
  revision: ef72d282529af501067963b0a2a89311de929b0e
  specs:
    font-awesome-sass-rails (3.0.2.2)
      railties (>= 3.1.1)
      sass-rails (>= 3.1.1)

GIT
  remote: git://github.com/thoughtbot/high_voltage.git
  revision: 53e4ad9274d59f83c06b03f687105beabb0233b5
  specs:
    high_voltage (2.1.0)

GIT
  remote: git://github.com/tvdeyen/acts-as-taggable-on.git
  revision: a42b80675a2a394ef0344424effed2b72c5290cf
  branch: rails4
  specs:
    acts-as-taggable-on (2.3.3)
      rails (~> 4.0.0.beta)

GEM
  remote: https://rubygems.org/
  specs:
    actionmailer (4.0.3)
      actionpack (= 4.0.3)
      mail (~> 2.5.4)
    actionpack (4.0.3)
      activesupport (= 4.0.3)
      builder (~> 3.1.0)
      erubis (~> 2.7.0)
      rack (~> 1.5.2)
      rack-test (~> 0.6.2)
    activemodel (4.0.3)
      activesupport (= 4.0.3)
      builder (~> 3.1.0)
    activerecord (4.0.3)
      activemodel (= 4.0.3)
      activerecord-deprecated_finders (~> 1.0.2)
      activesupport (= 4.0.3)
      arel (~> 4.0.0)
    activerecord-deprecated_finders (1.0.3)
    activesupport (4.0.3)
      i18n (~> 0.6, >= 0.6.4)
      minitest (~> 4.2)
      multi_json (~> 1.3)
      thread_safe (~> 0.1)
      tzinfo (~> 0.3.37)
    acts_as_commentable (4.0.1)
    arel (4.0.2)
    atomic (1.1.15)
    authlogic (3.4.0)
      activerecord (>= 3.2)
      activesupport (>= 3.2)
      request_store (~> 1.0.5)
    better_errors (1.1.0)
      coderay (>= 1.0.0)
      erubis (>= 2.6.6)
    binding_of_caller (0.7.2)
      debug_inspector (>= 0.0.1)
    builder (3.1.4)
    carrierwave (0.10.0)
      activemodel (>= 3.2.0)
      activesupport (>= 3.2.0)
      json (>= 1.7)
      mime-types (>= 1.16)
    coderay (1.1.0)
    coffee-rails (4.0.1)
      coffee-script (>= 2.2.0)
      railties (>= 4.0.0, < 5.0)
    coffee-script (2.2.0)
      coffee-script-source
      execjs
    coffee-script-source (1.7.0)
    dalli (2.7.0)
    debug_inspector (0.0.2)
    emoji4rails (0.0.2)
    erubis (2.7.0)
    excon (0.13.4)
    execjs (2.0.2)
    ffi (1.9.3)
    ffi-compiler (0.1.3)
      ffi (>= 1.0.0)
      rake
    fog (1.3.1)
      builder
      excon (~> 0.13.0)
      formatador (~> 0.2.0)
      mime-types
      multi_json (~> 1.0)
      net-scp (~> 1.0.4)
      net-ssh (>= 2.1.3)
      nokogiri (~> 1.5.0)
      ruby-hmac
    formatador (0.2.4)
    hike (1.2.3)
    i18n (0.6.9)
    jbuilder (1.0.2)
      activesupport (>= 3.0.0)
    jquery-rails (3.1.0)
      railties (>= 3.0, < 5.0)
      thor (>= 0.14, < 2.0)
    jquery-turbolinks (2.0.2)
      railties (>= 3.1.0)
      turbolinks
    jquery-ui-rails (4.2.0)
      railties (>= 3.2.16)
    json (1.8.1)
    kgio (2.9.2)
    mail (2.5.4)
      mime-types (~> 1.16)
      treetop (~> 1.4.8)
    md_preview (1.0.1)
      rails (>= 3.1.0)
      redcarpet (>= 2.0.0)
    memcachier (0.0.2)
    method_source (0.8.2)
    mime-types (1.25.1)
    minitest (4.7.5)
    multi_json (1.8.4)
    net-scp (1.0.4)
      net-ssh (>= 1.99.1)
    net-ssh (2.8.0)
    newrelic_rpm (3.7.2.195)
    nokogiri (1.5.11)
    pg (0.17.1)
    polyglot (0.3.4)
    pry (0.9.12.6)
      coderay (~> 1.0)
      method_source (~> 0.8)
      slop (~> 3.4)
    rack (1.5.2)
    rack-cache (1.2)
      rack (>= 0.4)
    rack-test (0.6.2)
      rack (>= 1.0)
    rails (4.0.3)
      actionmailer (= 4.0.3)
      actionpack (= 4.0.3)
      activerecord (= 4.0.3)
      activesupport (= 4.0.3)
      bundler (>= 1.3.0, < 2.0)
      railties (= 4.0.3)
      sprockets-rails (~> 2.0.0)
    railties (4.0.3)
      actionpack (= 4.0.3)
      activesupport (= 4.0.3)
      rake (>= 0.8.7)
      thor (>= 0.18.1, < 2.0)
    raindrops (0.13.0)
    rake (10.1.1)
    redcarpet (3.1.1)
    request_store (1.0.5)
    ruby-hmac (0.4.0)
    sass (3.2.14)
    sass-rails (4.0.1)
      railties (>= 4.0.0, < 5.0)
      sass (>= 3.1.10)
      sprockets-rails (~> 2.0.0)
    scrypt (1.2.0)
      ffi-compiler (>= 0.0.2)
      rake
    slop (3.4.7)
    spring (1.1.2)
    sprockets (2.11.0)
      hike (~> 1.2)
      multi_json (~> 1.0)
      rack (~> 1.0)
      tilt (~> 1.1, != 1.3.0)
    sprockets-rails (2.0.1)
      actionpack (>= 3.0)
      activesupport (>= 3.0)
      sprockets (~> 2.8)
    sqlite3 (1.3.9)
    thor (0.18.1)
    thread_safe (0.2.0)
      atomic (>= 1.1.7, < 2)
    tilt (1.4.1)
    treetop (1.4.15)
      polyglot
      polyglot (>= 0.3.1)
    turbolinks (2.2.1)
      coffee-rails
    tzinfo (0.3.38)
    uglifier (2.4.0)
      execjs (>= 0.3.0)
      json (>= 1.8.0)
    unicorn (4.8.2)
      kgio (~> 2.6)
      rack
      raindrops (~> 0.7)
    workflow (1.1.0)

PLATFORMS
  ruby

DEPENDENCIES
  acts-as-taggable-on!
  acts_as_commentable
  acts_as_votable!
  arel
  authlogic
  better_errors
  binding_of_caller
  carrierwave
  coffee-rails
  dalli
  emoji4rails
  fog (~> 1.3.1)
  font-awesome-sass-rails!
  formtastic!
  high_voltage!
  jbuilder (~> 1.0.1)
  jquery-rails
  jquery-turbolinks
  jquery-ui-rails (>= 3.0.1)
  md_preview
  memcachier
  newrelic_rpm (>= 3.5.5.38)
  pg
  pry
  rack-cache
  rails (>= 4.0.3)
  redcarpet
  sass-rails
  scrypt
  spring
  sprockets-rails
  sqlite3
  turbolinks
  tweet-button!
  uglifier (>= 1.0.3)
  unicorn
  workflow
